GEM
  remote: https://rubygems.org/
  specs:
    r-fxxk (0.4.0)

PLATFORMS
  x64-mingw-ucrt

DEPENDENCIES
  r-fxxk

BUNDLED WITH
   2.4.19
